GEM
  remote: https://rubygems.org/
  specs:
    haml (4.0.5)
      tilt
    mina (0.3.0)
      open4
      rake
    open4 (1.3.1)
    rack (1.5.2)
    rack-protection (1.5.2)
      rack
    rake (10.1.1)
    sinatra (1.4.4)
      rack (~> 1.4)
      rack-protection (~> 1.4)
      tilt (~> 1.3, >= 1.3.4)
    tilt (1.4.1)

PLATFORMS
  ruby

DEPENDENCIES
  haml
  mina
  sinatra
